GEM
  remote: https://rubygems.org/
  specs:
    awesome_print (1.8.0)
    binding_of_caller (0.8.0)
      debug_inspector (>= 0.0.1)
    byebug (11.1.3)
    coderay (1.1.2)
    debug_inspector (0.0.3)
    ffi (1.12.2)
    mecab (0.996)
    method_source (1.0.0)
    natto (1.2.0)
      ffi (>= 1.9.0)
    pry (0.13.1)
      coderay (~> 1.1)
      method_source (~> 1.0)
    pry-byebug (3.9.0)
      byebug (~> 11.0)
      pry (~> 0.13.0)
    pry-doc (1.1.0)
      pry (~> 0.11)
      yard (~> 0.9.11)
    pry-stack_explorer (0.4.9.3)
      binding_of_caller (>= 0.7)
      pry (>= 0.9.11)
    tapp (1.5.1)
      thor
    thor (1.0.1)
    yard (0.9.24)

PLATFORMS
  ruby

DEPENDENCIES
  awesome_print
  mecab
  natto
  pry
  pry-byebug
  pry-doc
  pry-stack_explorer
  tapp

RUBY VERSION
   ruby 2.5.1p57

BUNDLED WITH
   2.1.4
